GEM
  remote: https://rubygems.org/
  specs:
    i18n (0.6.0)
    json (1.7.4)
    mail (2.4.4)
      i18n (>= 0.4.0)
      mime-types (~> 1.16)
      treetop (~> 1.4.8)
    mime-types (1.19)
    polyglot (0.3.3)
    treetop (1.4.10)
      polyglot
      polyglot (>= 0.3.1)
    xml-simple (1.1.2)

PLATFORMS
  ruby

DEPENDENCIES
  json (= 1.7.4)
  mail (= 2.4.4)
  xml-simple (= 1.1.2)
